GEM
  remote: https://rubygems.org/
  specs:
    parslet (1.8.0)
    thor (0.19.4)
    vim-flavor (1.1.5)
      parslet (~> 1.0)
      thor (~> 0.14)

PLATFORMS
  ruby

DEPENDENCIES
  vim-flavor (~> 1.1)

BUNDLED WITH
   1.14.6
